GEM
  remote: http://rubygems.org/
  specs:
    haml (3.1.7)
    nokogiri (1.5.6)
    rack (1.4.4)
    rack-protection (1.3.2)
      rack
    rdiscount (1.6.8)
    sinatra (1.3.3)
      rack (~> 1.3, >= 1.3.6)
      rack-protection (~> 1.2)
      tilt (~> 1.3, >= 1.3.3)
    sinatra-content-for (0.1)
      sinatra
    tilt (1.3.3)
    ya2yaml (0.30)

PLATFORMS
  ruby

DEPENDENCIES
  haml
  nokogiri
  rdiscount
  sinatra
  sinatra-content-for
  ya2yaml
