GEM
  remote: http://rubygems.org/
  specs:
    addressable (2.2.6)
    haml (3.1.7)
    heroku (2.4.1)
      launchy (>= 0.3.2)
      rest-client (~> 1.6.1)
      term-ansicolor (~> 1.0.5)
    launchy (2.0.5)
      addressable (~> 2.2.6)
    mime-types (1.19)
    nokogiri (1.5.6)
    rack (1.4.4)
    rack-protection (1.3.2)
      rack
    rdiscount (1.6.8)
    rest-client (1.6.3)
      mime-types (>= 1.16)
    sinatra (1.3.3)
      rack (~> 1.3, >= 1.3.6)
      rack-protection (~> 1.2)
      tilt (~> 1.3, >= 1.3.3)
    sinatra-content-for (0.1)
      sinatra
    term-ansicolor (1.0.6)
    tilt (1.3.3)
    ya2yaml (0.30)

PLATFORMS
  ruby

DEPENDENCIES
  haml
  heroku
  nokogiri
  rdiscount
  sinatra
  sinatra-content-for
  ya2yaml
